PATH
  remote: .
  specs:
    addressive (0.1.0)
      uri_template (>= 0.5.1)

GEM
  remote: http://rubygems.org/
  specs:
    diff-lcs (1.2.2)
    multi_json (1.7.2)
    rack (1.5.2)
    rspec (2.13.0)
      rspec-core (~> 2.13.0)
      rspec-expectations (~> 2.13.0)
      rspec-mocks (~> 2.13.0)
    rspec-core (2.13.1)
    rspec-expectations (2.13.0)
      diff-lcs (>= 1.1.3, < 2.0)
    rspec-mocks (2.13.1)
    simplecov (0.7.1)
      multi_json (~> 1.0)
      simplecov-html (~> 0.7.1)
    simplecov-html (0.7.1)
    uri_template (0.7.0)
    yard (0.9.20)

PLATFORMS
  java
  ruby

DEPENDENCIES
  addressive!
  rack
  rspec
  simplecov
  yard
