PATH
  remote: .
  specs:
    addressive (0.1.0.alpha)
      uri_template (~> 0.4.0)

GEM
  remote: http://rubygems.org/
  specs:
    diff-lcs (1.1.3)
    multi_json (1.3.6)
    rack (1.4.1)
    rspec (2.11.0)
      rspec-core (~> 2.11.0)
      rspec-expectations (~> 2.11.0)
      rspec-mocks (~> 2.11.0)
    rspec-core (2.11.1)
    rspec-expectations (2.11.2)
      diff-lcs (~> 1.1.3)
    rspec-mocks (2.11.1)
    simplecov (0.6.4)
      multi_json (~> 1.0)
      simplecov-html (~> 0.5.3)
    simplecov-html (0.5.3)
    uri_template (0.4.0)
    yard (0.8.2.1)

PLATFORMS
  ruby

DEPENDENCIES
  addressive!
  rack
  rspec
  simplecov
  yard
